GEM
  remote: https://rubygems.org/
  specs:
    json (1.8.2)
    rubytree (0.9.4)
      json (~> 1.8)
      structured_warnings (~> 0.1)
    structured_warnings (0.2.0)

PLATFORMS
  ruby

DEPENDENCIES
  rubytree
